GEM
  remote: http://rubygems.org/
  specs:
    gli (2.12.2)
    httparty (0.11.0)
      multi_json (~> 1.0)
      multi_xml (>= 0.5.2)
    json (1.8.1)
    multi_json (1.10.1)
    multi_xml (0.5.5)
    rack (1.6.0)
    rack-protection (1.5.3)
      rack
    sinatra (1.4.5)
      rack (~> 1.4)
      rack-protection (~> 1.4)
      tilt (~> 1.3, >= 1.3.4)
    tilt (1.4.1)

PLATFORMS
  ruby

DEPENDENCIES
  gli
  httparty (= 0.11.0)
  json
  sinatra
